GEM
  remote: https://rubygems.org/
  specs:
    addressable (2.8.0)
      public_suffix (>= 2.0.2, < 5.0)
    faraday (1.0.1)
      multipart-post (>= 1.2, < 3)
    multipart-post (2.1.1)
    octokit (4.18.0)
      faraday (>= 0.9)
      sawyer (~> 0.8.0, >= 0.5.3)
    public_suffix (4.0.6)
    sawyer (0.8.2)
      addressable (>= 2.3.5)
      faraday (> 0.8, < 2.0)
    slop (4.6.0)

PLATFORMS
  ruby
  x86_64-darwin-18

DEPENDENCIES
  octokit (= 4.18.0)
  slop (= 4.6.0)

RUBY VERSION
   ruby 2.6.0p0

BUNDLED WITH
   2.1.4
